PATH
  remote: .
  specs:
    KaraokeHellYeah (0.1.0)
      httparty (~> 0.18.1)
      nokogiri (>= 1.10.10, < 1.14.0)

GEM
  remote: https://rubygems.org/
  specs:
    coderay (1.1.3)
    httparty (0.18.1)
      mime-types (~> 3.0)
      multi_xml (>= 0.5.2)
    method_source (1.0.0)
    mime-types (3.3.1)
      mime-types-data (~> 3.2015)
    mime-types-data (3.2020.0512)
    mini_portile2 (2.8.0)
    multi_xml (0.6.0)
    nokogiri (1.13.6)
      mini_portile2 (~> 2.8.0)
      racc (~> 1.4)
    pry (0.13.1)
      coderay (~> 1.1)
      method_source (~> 1.0)
    racc (1.6.0)
    rake (10.5.0)

PLATFORMS
  ruby

DEPENDENCIES
  KaraokeHellYeah!
  bundler (~> 2.0)
  pry (~> 0.13.1)
  rake (~> 10.0)

BUNDLED WITH
   2.0.1
